GIT
  remote: git://github.com/beastaugh/verification.git
  revision: 9f7a8d26cbec184b746059b78546083f8dac9af8
  specs:
    verification (1.0.2)
      actionpack (>= 3.0.0, < 3.2.0)
      activesupport (>= 3.0.0, < 3.2.0)

GIT
  remote: git://github.com/nodeta/render_component.git
  revision: 5adb2242259d4e5009f7536195767cb94c7f90f9
  specs:
    render_component_vho (3.1.0)
      railties (~> 3.1.0.rc1)

GIT
  remote: git://github.com/tonyday/active_scaffold.git
  revision: 79e56adbd74784c6815ac5f0d9885c91b9b2ed92
  specs:
    active_scaffold_vho (3.1.0)
      rails (~> 3.0)
      render_component_vho
      verification

GIT
  remote: git://github.com/xspond/acts_as_versioned.git
  revision: af618b56aff16b4db6904e61950fbab501928495
  specs:
    acts_as_versioned (0.5.2)

GIT
  remote: https://github.com/vhochstein/jquery-rails.git
  revision: 51615ca6e217118bbc69595efcd3e2ce49712101
  specs:
    jquery-rails_vho (0.0.2)
      railties (~> 3.0)
      thor (~> 0.14)

GEM
  remote: http://rubygems.org/
  specs:
    RedCloth (4.2.8)
    actionmailer (3.1.0.rc6)
      actionpack (= 3.1.0.rc6)
      mail (~> 2.3.0)
    actionpack (3.1.0.rc6)
      activemodel (= 3.1.0.rc6)
      activesupport (= 3.1.0.rc6)
      builder (~> 3.0.0)
      erubis (~> 2.7.0)
      i18n (~> 0.6)
      rack (~> 1.3.2)
      rack-cache (~> 1.0.2)
      rack-mount (~> 0.8.1)
      rack-test (~> 0.6.0)
      sprockets (~> 2.0.0.beta.12)
    activemodel (3.1.0.rc6)
      activesupport (= 3.1.0.rc6)
      bcrypt-ruby (~> 2.1.4)
      builder (~> 3.0.0)
      i18n (~> 0.6)
    activerecord (3.1.0.rc6)
      activemodel (= 3.1.0.rc6)
      activesupport (= 3.1.0.rc6)
      arel (~> 2.2.1)
      tzinfo (~> 0.3.29)
    activeresource (3.1.0.rc6)
      activemodel (= 3.1.0.rc6)
      activesupport (= 3.1.0.rc6)
    activesupport (3.1.0.rc6)
      multi_json (~> 1.0)
    arel (2.2.1)
    bcrypt-ruby (2.1.4)
    builder (3.0.0)
    carrierwave (0.5.6)
      activesupport (~> 3.0)
    coffee-rails (3.1.0.rc.6)
      coffee-script (>= 2.2.0)
      railties (~> 3.1.0.rc1)
    coffee-script (2.2.0)
      coffee-script-source
      execjs
    coffee-script-source (1.1.2)
    crack (0.1.8)
    diff-lcs (1.1.2)
    erubis (2.7.0)
    exception_notification_rails3 (1.2.0)
    execjs (1.2.4)
      multi_json (~> 1.0)
    garb (0.9.1)
      activesupport (>= 2.2.0)
      crack (>= 0.1.6)
    hike (1.2.1)
    i18n (0.6.0)
    mail (2.3.0)
      i18n (>= 0.4.0)
      mime-types (~> 1.16)
      treetop (~> 1.4.8)
    mime-types (1.16)
    multi_json (1.0.3)
    mysql2 (0.3.7)
    nokogiri (1.5.0)
    polyglot (0.3.2)
    rack (1.3.2)
    rack-cache (1.0.2)
      rack (>= 0.4)
    rack-mount (0.8.2)
      rack (>= 1.0.0)
    rack-ssl (1.3.2)
      rack
    rack-test (0.6.1)
      rack (>= 1.0)
    rails (3.1.0.rc6)
      actionmailer (= 3.1.0.rc6)
      actionpack (= 3.1.0.rc6)
      activerecord (= 3.1.0.rc6)
      activeresource (= 3.1.0.rc6)
      activesupport (= 3.1.0.rc6)
      bundler (~> 1.0)
      railties (= 3.1.0.rc6)
    railties (3.1.0.rc6)
      actionpack (= 3.1.0.rc6)
      activesupport (= 3.1.0.rc6)
      rack-ssl (~> 1.3.2)
      rake (>= 0.8.7)
      rdoc (~> 3.4)
      thor (~> 0.14.6)
    rake (0.9.2)
    rdoc (3.9.2)
    rmagick (2.13.1)
    rspec (2.6.0)
      rspec-core (~> 2.6.0)
      rspec-expectations (~> 2.6.0)
      rspec-mocks (~> 2.6.0)
    rspec-core (2.6.4)
    rspec-expectations (2.6.0)
      diff-lcs (~> 1.1.2)
    rspec-mocks (2.6.0)
    rspec-rails (2.6.1)
      actionpack (~> 3.0)
      activesupport (~> 3.0)
      railties (~> 3.0)
      rspec (~> 2.6.0)
    rspec-spies (2.0.0)
      rspec (~> 2.0)
    sass (3.1.7)
    sass-rails (3.1.0.rc.6)
      actionpack (~> 3.1.0.rc6)
      railties (~> 3.1.0.rc6)
      sass (>= 3.1.4)
    sprockets (2.0.0.beta.13)
      hike (~> 1.2)
      rack (~> 1.0)
      tilt (!= 1.3.0, ~> 1.1)
    test-unit (2.3.2)
    thor (0.14.6)
    tilt (1.3.2)
    treetop (1.4.10)
      polyglot
      polyglot (>= 0.3.1)
    tzinfo (0.3.29)
    uglifier (1.0.1)
      execjs (>= 0.3.0)
      multi_json (>= 1.0.2)
    webrat (0.7.3)
      nokogiri (>= 1.2.0)
      rack (>= 1.0)
      rack-test (>= 0.5.3)
    ya2yaml (0.30)

PLATFORMS
  ruby

DEPENDENCIES
  RedCloth (~> 4.2.7)
  active_scaffold_vho!
  acts_as_versioned!
  carrierwave (= 0.5.6)
  coffee-rails
  exception_notification_rails3
  garb
  jquery-rails_vho!
  mysql2
  rails (~> 3.1.0.rc5)
  render_component_vho!
  rmagick
  rspec (>= 2.6.0)
  rspec-core (>= 2.6.4)
  rspec-expectations (>= 2.6.0)
  rspec-mocks (>= 2.6.0)
  rspec-rails (>= 2.6.1)
  rspec-spies (>= 2.0.0)
  sass-rails
  test-unit
  uglifier
  verification!
  webrat
  ya2yaml
