GIT
  remote: git://github.com/activescaffold/active_scaffold.git
  revision: 77bd66577fe5dd408809b843c4b01673a65e17fd
  specs:
    active_scaffold (3.2.14)
      rails (~> 3.2.0)

GIT
  remote: git://github.com/borovsky/rmagick.git
  revision: 6f0cdb77ad8e365c7eb8c3e9f10079d079ae2ac0
  specs:
    rmagick (0.0.0)

GIT
  remote: git://github.com/technoweenie/acts_as_versioned.git
  revision: 63b1fc8529d028fae632fe80ec0cb25df56cd76b
  specs:
    acts_as_versioned (0.6.0)
      activerecord (>= 3.0.9)

GIT
  remote: https://github.com/vhochstein/jquery-rails.git
  revision: 80255c4ab9fbac6991e49592955d6c681665980e
  specs:
    jquery-rails_vho (0.0.3)
      railties (~> 3.0)
      thor (~> 0.14)

GEM
  remote: http://rubygems.org/
  specs:
    RedCloth (4.2.9)
    actionmailer (3.2.7)
      actionpack (= 3.2.7)
      mail (~> 2.4.4)
    actionpack (3.2.7)
      activemodel (= 3.2.7)
      activesupport (= 3.2.7)
      builder (~> 3.0.0)
      erubis (~> 2.7.0)
      journey (~> 1.0.4)
      rack (~> 1.4.0)
      rack-cache (~> 1.2)
      rack-test (~> 0.6.1)
      sprockets (~> 2.1.3)
    activemodel (3.2.7)
      activesupport (= 3.2.7)
      builder (~> 3.0.0)
    activerecord (3.2.7)
      activemodel (= 3.2.7)
      activesupport (= 3.2.7)
      arel (~> 3.0.2)
      tzinfo (~> 0.3.29)
    activeresource (3.2.7)
      activemodel (= 3.2.7)
      activesupport (= 3.2.7)
    activesupport (3.2.7)
      i18n (~> 0.6)
      multi_json (~> 1.0)
    arel (3.0.2)
    builder (3.0.0)
    carrierwave (0.5.6)
      activesupport (~> 3.0)
    coffee-rails (3.2.2)
      coffee-script (>= 2.2.0)
      railties (~> 3.2.0)
    coffee-script (2.2.0)
      coffee-script-source
      execjs
    coffee-script-source (1.3.3)
    crack (0.3.1)
    diff-lcs (1.1.3)
    dynamic_form (1.1.4)
    erubis (2.7.0)
    exception_notification_rails3 (1.2.0)
    execjs (1.4.0)
      multi_json (~> 1.0)
    garb (0.9.1)
      activesupport (>= 2.2.0)
      crack (>= 0.1.6)
    haml (3.1.6)
    haml-rails (0.3.4)
      actionpack (~> 3.0)
      activesupport (~> 3.0)
      haml (~> 3.0)
      railties (~> 3.0)
    hike (1.2.1)
    i18n (0.6.0)
    journey (1.0.4)
    json (1.7.4)
    kgio (2.7.4)
    libv8 (3.3.10.4)
    mail (2.4.4)
      i18n (>= 0.4.0)
      mime-types (~> 1.16)
      treetop (~> 1.4.8)
    mime-types (1.19)
    multi_json (1.3.6)
    mysql2 (0.3.11)
    nokogiri (1.5.5)
    polyglot (0.3.3)
    rack (1.4.1)
    rack-cache (1.2)
      rack (>= 0.4)
    rack-ssl (1.3.2)
      rack
    rack-test (0.6.1)
      rack (>= 1.0)
    rails (3.2.7)
      actionmailer (= 3.2.7)
      actionpack (= 3.2.7)
      activerecord (= 3.2.7)
      activeresource (= 3.2.7)
      activesupport (= 3.2.7)
      bundler (~> 1.0)
      railties (= 3.2.7)
    railties (3.2.7)
      actionpack (= 3.2.7)
      activesupport (= 3.2.7)
      rack-ssl (~> 1.3.2)
      rake (>= 0.8.7)
      rdoc (~> 3.4)
      thor (>= 0.14.6, < 2.0)
    raindrops (0.10.0)
    rake (0.9.2.2)
    rdoc (3.12)
      json (~> 1.4)
    rspec (2.11.0)
      rspec-core (~> 2.11.0)
      rspec-expectations (~> 2.11.0)
      rspec-mocks (~> 2.11.0)
    rspec-core (2.11.1)
    rspec-expectations (2.11.2)
      diff-lcs (~> 1.1.3)
    rspec-mocks (2.11.1)
    rspec-rails (2.11.0)
      actionpack (>= 3.0)
      activesupport (>= 3.0)
      railties (>= 3.0)
      rspec (~> 2.11.0)
    sass (3.1.20)
    sass-rails (3.2.5)
      railties (~> 3.2.0)
      sass (>= 3.1.10)
      tilt (~> 1.3)
    spork (0.9.2)
    sprockets (2.1.3)
      hike (~> 1.2)
      rack (~> 1.0)
      tilt (~> 1.1, != 1.3.0)
    therubyracer (0.10.1)
      libv8 (~> 3.3.10)
    thor (0.15.4)
    tilt (1.3.3)
    treetop (1.4.10)
      polyglot
      polyglot (>= 0.3.1)
    tzinfo (0.3.33)
    uglifier (1.2.7)
      execjs (>= 0.3.0)
      multi_json (~> 1.3)
    unicorn (4.3.1)
      kgio (~> 2.6)
      rack
      raindrops (~> 0.7)
    watchr (0.7)
    webrat (0.7.3)
      nokogiri (>= 1.2.0)
      rack (>= 1.0)
      rack-test (>= 0.5.3)
    ya2yaml (0.31)

PLATFORMS
  ruby

DEPENDENCIES
  RedCloth (~> 4.2.7)
  active_scaffold!
  acts_as_versioned!
  carrierwave (= 0.5.6)
  coffee-rails
  dynamic_form
  exception_notification_rails3
  garb
  haml
  haml-rails
  jquery-rails_vho!
  mysql2
  rails (~> 3.2)
  rmagick!
  rspec-rails
  sass-rails
  spork (~> 0.9.2)
  therubyracer
  uglifier
  unicorn
  watchr
  webrat
  ya2yaml
